GEM
  remote: https://rubygems.org/
  specs:
    aruba (0.6.1)
      childprocess (>= 0.3.6)
      cucumber (>= 1.1.1)
      rspec-expectations (>= 2.7.0)
    binding_of_caller (0.7.2)
      debug_inspector (>= 0.0.1)
    blankslate (3.1.3)
    byebug (3.5.1)
      columnize (~> 0.8)
      debugger-linecache (~> 1.2)
      slop (~> 3.6)
    cassandra-driver (1.1.1)
      ione (~> 1.2)
    cassandra-driver (1.1.1-java)
      ione (~> 1.2)
    childprocess (0.5.6)
      ffi (~> 1.0, >= 1.0.11)
    codeclimate-test-reporter (0.4.7)
      simplecov (>= 0.7.1, < 1.0.0)
    coderay (1.1.0)
    columnize (0.8.9)
    cucumber (1.3.17)
    debug_inspector (0.0.2)
    debugger-linecache (1.2.0)
    descriptive_statistics (2.5.1)
    diff-lcs (1.2.5)
    docile (1.1.5)
    fakefs (0.6.7)
    faker (1.4.3)
      i18n (~> 0.5)
    ffi (1.9.10)
    ffi (1.9.10-java)
    formatador (0.2.5)
    gruff (0.6.0)
      rmagick (>= 2.13.4)
    gruff (0.6.0-java)
      rmagick4j (>= 0.3.9)
    guruby (0.0.3)
      ffi (~> 1.9)
    i18n (0.7.0)
    interception (0.5)
    ione (1.2.0)
    json (1.8.2)
    json (1.8.2-java)
    little-plugger (1.1.3)
    logging (2.0.0)
      little-plugger (~> 1.1)
      multi_json (~> 1.10)
    method_source (0.8.2)
    mini_portile (0.6.2)
    multi_json (1.10.1)
    mysql2 (0.3.18)
    nokogiri (1.6.6.2)
      mini_portile (~> 0.6.0)
    nokogiri (1.6.6.2-java)
    parallel (1.3.3)
    parslet (1.7.0)
      blankslate (>= 2.0, <= 4.0)
    pickup (0.0.11)
    pry (0.10.1)
      coderay (~> 1.1.0)
      method_source (~> 0.8.1)
      slop (~> 3.4)
    pry-byebug (2.0.0)
      byebug (~> 3.4)
      pry (~> 0.10)
    pry-doc (0.8.0)
      pry (~> 0.9)
      yard (~> 0.8)
    pry-rescue (1.4.1)
      interception (>= 0.5)
      pry
    pry-stack_explorer (0.4.9.1)
      binding_of_caller (>= 0.7)
      pry (>= 0.9.11)
    rake (10.4.0)
    rbtree (0.4.2)
    representable (2.2.3)
      multi_json
      nokogiri
      uber (~> 0.0.7)
    rmagick (2.15.4)
    rmagick4j (0.3.9-java)
    rspec (3.1.0)
      rspec-core (~> 3.1.0)
      rspec-expectations (~> 3.1.0)
      rspec-mocks (~> 3.1.0)
    rspec-collection_matchers (1.1.2)
      rspec-expectations (>= 2.99.0.beta1)
    rspec-core (3.1.7)
      rspec-support (~> 3.1.0)
    rspec-expectations (3.1.2)
      diff-lcs (>= 1.2.0, < 2.0)
      rspec-support (~> 3.1.0)
    rspec-mocks (3.1.3)
      rspec-support (~> 3.1.0)
    rspec-support (3.1.2)
    ruby-graphviz (1.2.2)
    ruby-mysql (2.9.13)
    ruby-prof (0.15.8)
    simplecov (0.10.0)
      docile (~> 1.1.0)
      json (~> 1.8)
      simplecov-html (~> 0.10.0)
    simplecov-html (0.10.0)
    slop (3.6.0)
    smarter_csv (1.1.0)
    table_print (1.5.4)
    thor (0.19.1)
    uber (0.0.13)
    yard (0.8.7.6)
    yard-thor (0.0.1)
      thor
      yard

PLATFORMS
  java
  ruby

DEPENDENCIES
  aruba
  cassandra-driver
  codeclimate-test-reporter
  descriptive_statistics
  fakefs
  faker
  formatador
  gruff
  guruby
  logging
  mysql2
  parallel
  parslet
  pickup
  pry
  pry-byebug
  pry-doc
  pry-rescue
  pry-stack_explorer
  rake
  rbtree
  representable
  rspec
  rspec-collection_matchers
  ruby-graphviz
  ruby-mysql
  ruby-prof
  simplecov
  smarter_csv
  table_print
  thor
  yard
  yard-thor
