GIT
  remote: https://github.com/michaelmior/gurobi.git
  revision: 57e0e588345b9f5856a87484960e125cf95463d8
  ref: 57e0e58
  specs:
    gurobi (0.0.2.mmior.1)

GEM
  remote: https://rubygems.org/
  specs:
    aruba (0.6.1)
      childprocess (>= 0.3.6)
      cucumber (>= 1.1.1)
      rspec-expectations (>= 2.7.0)
    binding_of_caller (0.7.2)
      debug_inspector (>= 0.0.1)
    blankslate (3.1.3)
    builder (3.2.2)
    byebug (5.0.0)
      columnize (= 0.9.0)
    cassandra-driver (1.1.1)
      ione (~> 1.2)
    cassandra-driver (1.1.1-java)
      ione (~> 1.2)
    childprocess (0.5.3)
      ffi (~> 1.0, >= 1.0.11)
    codeclimate-test-reporter (0.4.7)
      simplecov (>= 0.7.1, < 1.0.0)
    coderay (1.1.0)
    columnize (0.9.0)
    cucumber (1.3.17)
      builder (>= 2.1.2)
      diff-lcs (>= 1.1.3)
      gherkin (~> 2.12)
      multi_json (>= 1.7.5, < 2.0)
      multi_test (>= 0.1.1)
    debug_inspector (0.0.2)
    descriptive_statistics (2.5.1)
    diff-lcs (1.2.5)
    docile (1.1.5)
    fakefs (0.6.4)
    faker (1.4.3)
      i18n (~> 0.5)
    ffi (1.9.6)
    ffi (1.9.6-java)
    formatador (0.2.5)
    gherkin (2.12.2)
      multi_json (~> 1.3)
    gherkin (2.12.2-java)
      multi_json (~> 1.3)
    i18n (0.7.0)
    interception (0.5)
    ione (1.2.0)
    json (1.8.2)
    json (1.8.2-java)
    little-plugger (1.1.3)
    logging (1.8.2)
      little-plugger (>= 1.1.3)
      multi_json (>= 1.8.4)
    method_source (0.8.2)
    mini_portile (0.6.1)
    multi_json (1.10.1)
    multi_test (0.1.1)
    mysql2 (0.3.18)
    nokogiri (1.6.5)
      mini_portile (~> 0.6.0)
    nokogiri (1.6.5-java)
    parallel (1.3.3)
    parslet (1.7.0)
      blankslate (>= 2.0, <= 4.0)
    pry (0.10.1)
      coderay (~> 1.1.0)
      method_source (~> 0.8.1)
      slop (~> 3.4)
    pry-byebug (3.2.0)
      byebug (~> 5.0)
      pry (~> 0.10)
    pry-doc (0.8.0)
      pry (~> 0.9)
      yard (~> 0.8)
    pry-rescue (1.4.2)
      interception (>= 0.5)
      pry
    pry-stack_explorer (0.4.9.2)
      binding_of_caller (>= 0.7)
      pry (>= 0.9.11)
    rake (10.4.0)
    representable (2.1.3)
      multi_json
      nokogiri
      uber (~> 0.0.7)
    rspec (3.1.0)
      rspec-core (~> 3.1.0)
      rspec-expectations (~> 3.1.0)
      rspec-mocks (~> 3.1.0)
    rspec-collection_matchers (1.1.2)
      rspec-expectations (>= 2.99.0.beta1)
    rspec-core (3.1.7)
      rspec-support (~> 3.1.0)
    rspec-expectations (3.1.2)
      diff-lcs (>= 1.2.0, < 2.0)
      rspec-support (~> 3.1.0)
    rspec-mocks (3.1.3)
      rspec-support (~> 3.1.0)
    rspec-support (3.1.2)
    ruby-graphviz (1.2.1)
    ruby-mysql (2.9.13)
    ruby-prof (0.15.2)
    simplecov (0.10.0)
      docile (~> 1.1.0)
      json (~> 1.8)
      simplecov-html (~> 0.10.0)
    simplecov-html (0.10.0)
    slop (3.6.0)
    smarter_csv (1.0.19)
    thor (0.19.1)
    uber (0.0.11)
    yard (0.8.7.6)
    yard-thor (0.0.1)
      thor
      yard

PLATFORMS
  java
  ruby

DEPENDENCIES
  aruba
  cassandra-driver
  codeclimate-test-reporter
  descriptive_statistics
  fakefs
  faker
  formatador
  gurobi!
  logging
  mysql2
  parallel
  parslet
  pry
  pry-byebug
  pry-doc
  pry-rescue
  pry-stack_explorer
  rake
  representable
  rspec
  rspec-collection_matchers
  ruby-graphviz
  ruby-mysql
  ruby-prof
  simplecov
  smarter_csv
  thor
  yard
  yard-thor
