GEM
  remote: https://rubygems.org/
  remote: https://gem.fury.io/michaelmior/
  specs:
    binding_of_caller (0.7.2)
      debug_inspector (>= 0.0.1)
    blankslate (2.1.2.4)
    byebug (2.7.0)
      columnize (~> 0.3)
      debugger-linecache (~> 1.2)
    coderay (1.1.0)
    colorize (0.7.3)
    columnize (0.8.9)
    debug_inspector (0.0.2)
    debugger-linecache (1.2.0)
    diff-lcs (1.2.5)
    docile (1.1.5)
    gurobi (0.0.2.mmior.1)
    hashids (0.3.0)
    interception (0.5)
    method_source (0.8.2)
    mini_portile (0.6.0)
    multi_json (1.10.1)
    nokogiri (1.6.3.1)
      mini_portile (= 0.6.0)
    parallel (1.2.4)
    parslet (1.7.0.mmior.1)
      blankslate (~> 2.0)
    pry (0.10.0)
      coderay (~> 1.1.0)
      method_source (~> 0.8.1)
      slop (~> 3.4)
    pry-byebug (1.3.3)
      byebug (~> 2.7)
      pry (~> 0.10)
    pry-rescue (1.4.1)
      interception (>= 0.5)
      pry
    pry-stack_explorer (0.4.9.1)
      binding_of_caller (>= 0.7)
      pry (>= 0.9.11)
    rake (10.3.2)
    representable (2.0.4)
      multi_json
      nokogiri
      uber (~> 0.0.7)
    rspec (3.0.0)
      rspec-core (~> 3.0.0)
      rspec-expectations (~> 3.0.0)
      rspec-mocks (~> 3.0.0)
    rspec-collection_matchers (1.0.0)
      rspec-expectations (>= 2.99.0.beta1)
    rspec-core (3.0.2)
      rspec-support (~> 3.0.0)
    rspec-expectations (3.0.2)
      diff-lcs (>= 1.2.0, < 2.0)
      rspec-support (~> 3.0.0)
    rspec-mocks (3.0.2)
      rspec-support (~> 3.0.0)
    rspec-support (3.0.2)
    ruby-graphviz (1.2.1)
    ruby-prof (0.15.1)
    simplecov (0.8.2)
      docile (~> 1.1.0)
      multi_json
      simplecov-html (~> 0.8.0)
    simplecov-html (0.8.0)
    slop (3.5.0)
    thor (0.19.1)
    uber (0.0.8)
    yard (0.8.7.4)

PLATFORMS
  ruby

DEPENDENCIES
  binding_of_caller
  colorize
  gurobi (= 0.0.2.mmior.1)
  hashids
  parallel
  parslet (= 1.7.0.mmior.1)
  pry
  pry-byebug
  pry-rescue
  pry-stack_explorer
  rake
  representable
  rspec
  rspec-collection_matchers
  ruby-graphviz
  ruby-prof
  simplecov
  thor
  yard
