GEM
  remote: https://rubygems.org/
  remote: https://gem.fury.io/michaelmior/
  specs:
    binding_of_caller (0.7.2)
      debug_inspector (>= 0.0.1)
    blankslate (2.1.2.4)
    byebug (3.5.1)
      columnize (~> 0.8)
      debugger-linecache (~> 1.2)
      slop (~> 3.6)
    coderay (1.1.0)
    columnize (0.8.9)
    cql-rb (2.0.4)
      ione (~> 1)
    debug_inspector (0.0.2)
    debugger-linecache (1.2.0)
    diff-lcs (1.2.5)
    docile (1.1.5)
    formatador (0.2.5)
    gurobi (0.0.2.mmior.1)
    interception (0.5)
    ione (1.2.0)
    little-plugger (1.1.3)
    logging (1.8.2)
      little-plugger (>= 1.1.3)
      multi_json (>= 1.8.4)
    method_source (0.8.2)
    mini_portile (0.6.1)
    multi_json (1.10.1)
    nokogiri (1.6.5)
      mini_portile (~> 0.6.0)
    parallel (1.3.3)
    parslet (1.7.0.mmior.1)
      blankslate (~> 2.0)
    pry (0.10.1)
      coderay (~> 1.1.0)
      method_source (~> 0.8.1)
      slop (~> 3.4)
    pry-byebug (2.0.0)
      byebug (~> 3.4)
      pry (~> 0.10)
    pry-rescue (1.4.1)
      interception (>= 0.5)
      pry
    pry-stack_explorer (0.4.9.1)
      binding_of_caller (>= 0.7)
      pry (>= 0.9.11)
    rake (10.4.0)
    representable (2.1.3)
      multi_json
      nokogiri
      uber (~> 0.0.7)
    rspec (3.1.0)
      rspec-core (~> 3.1.0)
      rspec-expectations (~> 3.1.0)
      rspec-mocks (~> 3.1.0)
    rspec-collection_matchers (1.1.2)
      rspec-expectations (>= 2.99.0.beta1)
    rspec-core (3.1.7)
      rspec-support (~> 3.1.0)
    rspec-expectations (3.1.2)
      diff-lcs (>= 1.2.0, < 2.0)
      rspec-support (~> 3.1.0)
    rspec-mocks (3.1.3)
      rspec-support (~> 3.1.0)
    rspec-support (3.1.2)
    ruby-graphviz (1.2.1)
    ruby-prof (0.15.2)
    simplecov (0.9.1)
      docile (~> 1.1.0)
      multi_json (~> 1.0)
      simplecov-html (~> 0.8.0)
    simplecov-html (0.8.0)
    slop (3.6.0)
    smarter_csv (1.0.19)
    thor (0.19.1)
    uber (0.0.11)
    yard (0.8.7.6)

PLATFORMS
  ruby

DEPENDENCIES
  cql-rb
  formatador
  gurobi (= 0.0.2.mmior.1)
  logging
  parallel
  parslet (= 1.7.0.mmior.1)
  pry
  pry-byebug
  pry-rescue
  pry-stack_explorer
  rake
  representable
  rspec
  rspec-collection_matchers
  ruby-graphviz
  ruby-prof
  simplecov
  smarter_csv
  thor
  yard
